PATH
  remote: .
  specs:
    RubyBHL (0.2.0)
      dotenv
      json (~> 1.8)

GEM
  remote: https://rubygems.org/
  specs:
    awesome_print (1.2.0)
    columnize (0.3.6)
    debugger (1.6.5)
      columnize (>= 0.3.1)
      debugger-linecache (~> 1.2.0)
      debugger-ruby_core_source (~> 1.3.1)
    debugger-linecache (1.2.0)
    debugger-ruby_core_source (1.3.1)
    diff-lcs (1.2.5)
    dotenv (0.9.0)
    git (1.2.6)
    json (1.8.1)
    rake (10.1.1)
    rspec (2.14.1)
      rspec-core (~> 2.14.0)
      rspec-expectations (~> 2.14.0)
      rspec-mocks (~> 2.14.0)
    rspec-core (2.14.7)
    rspec-expectations (2.14.5)
      diff-lcs (>= 1.1.3, < 2.0)
    rspec-mocks (2.14.5)

PLATFORMS
  ruby

DEPENDENCIES
  RubyBHL!
  awesome_print (~> 1.2)
  bundler (~> 1.3)
  debugger (~> 1.6)
  dotenv
  git (~> 1.2)
  rake (~> 10.1)
  rspec (~> 2.14)
